GEM
  remote: https://rubygems.org/
  specs:
    activesupport (4.0.4)
      i18n (~> 0.6, >= 0.6.9)
      minitest (~> 4.2)
      multi_json (~> 1.3)
      thread_safe (~> 0.1)
      tzinfo (~> 0.3.37)
    atomic (1.1.16)
    coderay (1.1.0)
    coffee-script (2.2.0)
      coffee-script-source
      execjs
    coffee-script-source (1.7.0)
    daemons (1.1.9)
    dotenv (0.9.0)
    erubis (2.7.0)
    eventmachine (1.0.3)
    execjs (2.0.2)
    flatrack (1.2.0)
      activesupport (> 3.2, < 4.2)
      coffee-script (~> 2.2)
      erubis (~> 2.7)
      rack (~> 1.4)
      rake (> 0.8.7, < 10.2)
      sass (~> 3.2)
      sprockets-sass (~> 1.0)
      thor (~> 0.18)
      tilt (~> 1.1)
    foreman (0.63.0)
      dotenv (>= 0.7)
      thor (>= 0.13.6)
    haml (4.0.5)
      tilt
    haml-flatrack (1.0.0)
      haml
    hike (1.2.3)
    i18n (0.6.9)
    method_source (0.8.2)
    minitest (4.7.5)
    multi_json (1.9.2)
    pry (0.9.12.6)
      coderay (~> 1.0)
      method_source (~> 0.8)
      slop (~> 3.4)
    rack (1.5.2)
    rake (10.1.1)
    redcarpet (3.1.1)
    sass (3.3.4)
    shotgun (0.9)
      rack (>= 1.0)
    slop (3.4.7)
    sprockets (2.12.0)
      hike (~> 1.2)
      multi_json (~> 1.0)
      rack (~> 1.0)
      tilt (~> 1.1, != 1.3.0)
    sprockets-sass (1.0.3)
      sprockets (~> 2.0)
      tilt (~> 1.1)
    thin (1.6.1)
      daemons (>= 1.0.9)
      eventmachine (>= 1.0.0)
      rack (>= 1.0.0)
    thor (0.18.1)
    thread_safe (0.3.1)
      atomic (>= 1.1.7, < 2)
    tilt (1.4.1)
    tzinfo (0.3.39)

PLATFORMS
  ruby

DEPENDENCIES
  flatrack (~> 1.2.0)
  foreman
  haml-flatrack (~> 1.0.0)
  pry
  redcarpet (~> 3.1.1)
  shotgun
  thin
