PATH
  remote: ../flatrack
  specs:
    flatrack (1.3.3)
      activesupport (> 3.2, < 4.2)
      coffee-script (~> 2.2)
      erubis (~> 2.7)
      rack (~> 1.4)
      rake (> 0.8.7, < 10.2)
      sass (~> 3.2.0)
      sprockets (~> 2.12)
      thor (~> 0.18)
      tilt (~> 1.1)

GEM
  remote: https://rubygems.org/
  specs:
    activesupport (4.1.5)
      i18n (~> 0.6, >= 0.6.9)
      json (~> 1.7, >= 1.7.7)
      minitest (~> 5.1)
      thread_safe (~> 0.1)
      tzinfo (~> 1.1)
    bootstrap-sass (3.0.3.0)
      sass (~> 3.2)
    chronic (0.10.2)
    coderay (1.1.0)
    coffee-script (2.3.0)
      coffee-script-source
      execjs
    coffee-script-source (1.8.0)
    daemons (1.1.9)
    dotenv (0.10.0)
    erubis (2.7.0)
    eventmachine (1.0.3)
    execjs (2.0.2)
    foreman (0.63.0)
      dotenv (>= 0.7)
      thor (>= 0.13.6)
    haml (4.0.5)
      tilt
    haml-flatrack (1.0.0)
      haml
    hike (1.2.3)
    i18n (0.6.11)
    json (1.8.1)
    method_source (0.8.2)
    minitest (5.4.1)
    multi_json (1.10.1)
    pry (0.9.12.6)
      coderay (~> 1.0)
      method_source (~> 0.8)
      slop (~> 3.4)
    rack (1.5.2)
    rake (10.1.1)
    redcarpet (3.1.1)
    sass (3.2.19)
    shotgun (0.9)
      rack (>= 1.0)
    slop (3.5.0)
    sprockets (2.12.1)
      hike (~> 1.2)
      multi_json (~> 1.0)
      rack (~> 1.0)
      tilt (~> 1.1, != 1.3.0)
    thin (1.6.2)
      daemons (>= 1.0.9)
      eventmachine (>= 1.0.0)
      rack (>= 1.0.0)
    thor (0.19.1)
    thread_safe (0.3.4)
    tilt (1.4.1)
    tzinfo (1.2.2)
      thread_safe (~> 0.1)
    uglifier (2.5.0)
      execjs (>= 0.3.0)
      json (>= 1.8.0)

PLATFORMS
  ruby

DEPENDENCIES
  bootstrap-sass
  chronic
  flatrack (~> 1.3.3)!
  foreman
  haml-flatrack (~> 1.0.0)
  pry
  redcarpet (~> 3.1.1)
  shotgun
  thin
  uglifier
